PATH
  remote: .
  specs:
    json (1.5.5)
    json (1.5.5-java)
    json_pure (1.5.5)
      spruz (~> 0.2.8)

GEM
  remote: http://rubygems.org/
  specs:
    bullshit (0.1.3)
      dslkit (~> 0.2)
      more_math (~> 0.0.2)
      tins (~> 0.3)
    columnize (0.3.6)
    debugger (1.3.0)
      columnize (>= 0.3.1)
      debugger-linecache (~> 1.1.1)
      debugger-ruby_core_source (~> 1.1.7)
    debugger-linecache (1.1.2)
      debugger-ruby_core_source (>= 1.1.1)
    debugger-ruby_core_source (1.1.7)
    dslkit (0.2.12)
      term-ansicolor (~> 1.0)
      tins (~> 0.6)
    more_math (0.0.4)
      tins (~> 0.3)
    permutation (0.1.8)
    pry-editline (1.1.1)
    rake (0.9.6)
    rdoc (3.12.1)
      json (~> 1.4)
    sdoc (0.3.20)
      json (>= 1.1.3)
      rdoc (~> 3.10)
    spruz (0.2.13)
    term-ansicolor (1.0.7)
    test-unit (2.5.4)
    tins (0.7.0)
    utils (0.0.69)
      dslkit (~> 0.2.10)
      pry-editline
      term-ansicolor (~> 1.0)
      tins (~> 0.6)

PLATFORMS
  java
  ruby

DEPENDENCIES
  bullshit
  debugger
  json!
  json_pure!
  permutation
  rake (~> 0.9.2)
  sdoc
  test-unit
  utils
